PATH
  remote: .
  specs:
    smart_prompt (0.3.1)
      json
      numo-narray
      retriable
      ruby-openai
      safe_ruby
      yaml

GEM
  remote: https://rubygems.org/
  specs:
    childprocess (5.1.0)
      logger (~> 1.5)
    event_stream_parser (1.0.0)
    faraday (2.13.1)
      faraday-net_http (>= 2.0, < 3.5)
      json
      logger
    faraday-multipart (1.1.0)
      multipart-post (~> 2.0)
    faraday-net_http (3.4.0)
      net-http (>= 0.5.0)
    json (2.12.0)
    logger (1.7.0)
    multipart-post (2.4.1)
    net-http (0.6.0)
      uri
    numo-narray (0.9.2.1)
    rake (13.2.1)
    retriable (3.1.2)
    ruby-openai (8.1.0)
      event_stream_parser (>= 0.3.0, < 2.0.0)
      faraday (>= 1)
      faraday-multipart (>= 1)
    safe_ruby (1.0.5)
      childprocess (~> 5)
    uri (1.0.3)
    yaml (0.4.0)

PLATFORMS
  ruby
  x86_64-linux-gnu

DEPENDENCIES
  numo-narray (~> 0.9.2.1)
  rake (~> 13.0)
  smart_prompt!

BUNDLED WITH
   2.5.22
